GIT
  remote: git://github.com/bryckbost/sinatra-indextank.git
  revision: fb73636c4e9f6a914a10602a23e690f2f39b7c2b
  specs:
    sinatra-indextank (0.0.1)
      indextank
      sinatra

GEM
  remote: http://rubygems.org/
  specs:
    activesupport (3.1.0)
      multi_json (~> 1.0)
    addressable (2.2.6)
    bson (1.3.1)
    bson_ext (1.3.1)
    faraday (0.7.4)
      addressable (~> 2.2.6)
      multipart-post (~> 1.1.0)
      rack (>= 1.1.0, < 2)
    faraday-stack (0.1.3)
      faraday (~> 0.6)
    i18n (0.6.0)
    indextank (1.0.12)
      faraday-stack
      yajl-ruby (>= 0.7.7)
    mongo (1.3.1)
      bson (>= 1.3.1)
    multi_json (1.0.3)
    multipart-post (1.1.3)
    rack (1.3.3)
    rake (0.9.2)
    sinatra (1.2.6)
      rack (~> 1.1)
      tilt (>= 1.2.2, < 2.0)
    sinatra-mongo (0.1.0)
      mongo
      sinatra (>= 0.9.4)
    tilt (1.3.3)
    yajl-ruby (1.0.0)

PLATFORMS
  ruby

DEPENDENCIES
  activesupport
  bson_ext
  i18n
  indextank
  mongo
  multi_json
  rake
  sinatra
  sinatra-indextank!
  sinatra-mongo
  yajl-ruby
