GEM
  remote: http://rubygems.org/
  specs:
    activesupport (3.1.0)
      multi_json (~> 1.0)
    addressable (2.2.6)
    bson (1.3.1)
    bson_ext (1.3.1)
    faraday (0.7.5)
      addressable (~> 2.2.6)
      multipart-post (~> 1.1.3)
      rack (>= 1.1.0, < 2)
    faraday-stack (0.1.3)
      faraday (~> 0.6)
    i18n (0.6.0)
    indextank (1.0.12)
      faraday-stack
      yajl-ruby (>= 0.7.7)
    mongo (1.3.1)
      bson (>= 1.3.1)
    multi_json (1.0.3)
    multipart-post (1.1.3)
    newrelic_rpm (3.1.2)
    rack (1.3.5)
    rack-protection (1.1.4)
      rack
    rake (0.9.2)
    sinatra (1.3.1)
      rack (~> 1.3, >= 1.3.4)
      rack-protection (~> 1.1, >= 1.1.2)
      tilt (~> 1.3, >= 1.3.3)
    sinatra-indextank (1.1.0)
      indextank
      sinatra (>= 0.9.5)
    sinatra-mongo (0.1.0)
      mongo
      sinatra (>= 0.9.4)
    tilt (1.3.3)
    yajl-ruby (1.0.0)

PLATFORMS
  ruby

DEPENDENCIES
  activesupport
  bson_ext
  i18n
  indextank
  mongo
  multi_json
  newrelic_rpm
  rake
  sinatra
  sinatra-indextank
  sinatra-mongo
  yajl-ruby
