GEM
  remote: http://rubygems.org/
  specs:
    bson (1.3.1)
    bson_ext (1.3.1)
    mongo (1.3.1)
      bson (>= 1.3.1)
    multi_json (1.0.3)
    rack (1.3.3)
    rake (0.9.2)
    sinatra (1.2.6)
      rack (~> 1.1)
      tilt (>= 1.2.2, < 2.0)
    sinatra-mongo (0.1.0)
      mongo
      sinatra (>= 0.9.4)
    tilt (1.3.3)
    yajl-ruby (1.0.0)

PLATFORMS
  ruby

DEPENDENCIES
  bson_ext
  mongo
  multi_json
  rake
  sinatra
  sinatra-mongo
  yajl-ruby
